GEM
  remote: https://rubygems.org/
  specs:
    RedCloth (4.2.9)
    addressable (2.3.6)
    albino (1.3.3)
      posix-spawn (>= 0.3.6)
    blankslate (3.1.3)
    builder (3.2.2)
    creole (0.5.0)
    daemons (1.1.9)
    em-websocket (0.3.8)
      addressable (>= 2.1.1)
      eventmachine (>= 0.12.9)
    eventmachine (1.0.3)
    expression_parser (0.9.0)
    gimli (0.1.8)
      RedCloth
      albino
      bundler
      creole
      github-markup
      nokogiri
      optiflag
      org-ruby
      pdfkit
      redcarpet
      wikicloth
      wkhtmltopdf-binary
    github-markup (1.3.0)
      posix-spawn (~> 0.3.8)
    gli (2.12.2)
    htmlentities (4.3.2)
    json (1.8.1)
    mini_portile (0.6.0)
    nokogiri (1.6.3.1)
      mini_portile (= 0.6.0)
    optiflag (0.7)
    org-ruby (0.9.9)
      rubypants (~> 0.2)
    parslet (1.6.2)
      blankslate (>= 2.0, <= 4.0)
    pdfkit (0.6.2)
    posix-spawn (0.3.9)
    rack (1.5.2)
    rack-protection (1.5.3)
      rack
    redcarpet (3.1.2)
    rinku (1.7.3)
    rubypants (0.2.0)
    showoff (0.9.9.1)
      gli (>= 1.3.2)
      htmlentities
      json
      nokogiri
      parslet
      redcarpet
      sinatra (~> 1.3)
      sinatra-websocket
      thin (~> 1.3)
    sinatra (1.4.5)
      rack (~> 1.4)
      rack-protection (~> 1.4)
      tilt (~> 1.3, >= 1.3.4)
    sinatra-websocket (0.3.0)
      em-websocket (~> 0.3.6)
      eventmachine
      thin (>= 1.3.1)
    thin (1.6.3)
      daemons (~> 1.0, >= 1.0.9)
      eventmachine (~> 1.0)
      rack (~> 1.0)
    tilt (1.4.1)
    wikicloth (0.8.1)
      builder
      expression_parser
      rinku
    wkhtmltopdf-binary (0.9.9.3)

PLATFORMS
  ruby

DEPENDENCIES
  gimli
  showoff
